PATH
  remote: .
  specs:
    syntax_tree-rbs (0.5.1)
      prettier_print
      rbs
      syntax_tree (>= 2.0.1)

GEM
  remote: https://rubygems.org/
  specs:
    docile (1.4.0)
    minitest (5.18.0)
    prettier_print (1.2.0)
    rake (13.0.6)
    rbs (3.0.3)
    simplecov (0.22.0)
      docile (~> 1.1)
      simplecov-html (~> 0.11)
      simplecov_json_formatter (~> 0.1)
    simplecov-html (0.12.3)
    simplecov_json_formatter (0.1.4)
    syntax_tree (6.0.2)
      prettier_print (>= 1.2.0)

PLATFORMS
  arm64-darwin-21

DEPENDENCIES
  bundler
  minitest
  rake
  simplecov
  syntax_tree-rbs!

BUNDLED WITH
   2.3.24
